PATH
  remote: .
  specs:
    arduino_ir_remote (0.1.1)
      args_parser (>= 0.2.0)
      event_emitter
      serialport

GEM
  remote: https://rubygems.org/
  specs:
    args_parser (0.2.0)
    event_emitter (0.2.5)
    minitest (5.0.8)
    rake (10.1.0)
    serialport (1.1.0)

PLATFORMS
  ruby

DEPENDENCIES
  arduino_ir_remote!
  bundler (~> 1.3)
  minitest
  rake
