PATH
  remote: .
  specs:
    arduino_ir_remote (0.0.3)
      args_parser
      event_emitter
      serialport

GEM
  remote: https://rubygems.org/
  specs:
    args_parser (0.1.6)
    event_emitter (0.2.5)
    minitest (5.0.6)
    rake (10.1.0)
    serialport (1.1.0)

PLATFORMS
  ruby

DEPENDENCIES
  arduino_ir_remote!
  bundler (~> 1.3)
  minitest
  rake
