PATH
  remote: .
  specs:
    arduino_ir_remote (0.0.1)
      event_emitter
      hashie
      serialport

GEM
  remote: https://rubygems.org/
  specs:
    event_emitter (0.2.5)
    hashie (2.0.5)
    rake (10.1.0)
    serialport (1.1.0)

PLATFORMS
  ruby

DEPENDENCIES
  arduino_ir_remote!
  bundler (~> 1.3)
  rake
